PATH
  remote: .
  specs:
    hdfs-viking (0.0.8)
      bundler
      lock_jar
      rake

GEM
  remote: https://rubygems.org/
  specs:
    lock_jar (0.10.3)
      naether (~> 0.13.8)
      thor (>= 0.18.1)
    naether (0.13.8-java)
    rake (10.2.1)
    thor (0.18.1)

PLATFORMS
  java
  ruby

DEPENDENCIES
  hdfs-viking!

BUNDLED WITH
   1.10.6
