PATH
  remote: .
  specs:
    hdfs-viking (0.0.5)
      bundler
      lock_jar
      rake

GEM
  remote: https://rubygems.org/
  specs:
    lock_jar (0.8.0)
      naether (~> 0.10.1)
      thor (~> 0.18.1)
    naether (0.10.1)
      rjb (~> 1.4.0)
    naether (0.10.1-java)
    rake (10.1.1)
    rjb (1.4.9)
    thor (0.18.1)

PLATFORMS
  java
  ruby

DEPENDENCIES
  hdfs-viking!
