PATH
  remote: .
  specs:
    hdfs-viking (0.0.8)
      bundler
      lock_jar
      rake

GEM
  remote: https://rubygems.org/
  specs:
    httpclient (2.6.0.1)
    lock_jar (0.13.0)
      naether (~> 0.15.0)
      thor (>= 0.18.1)
    naether (0.15.0)
      httpclient
      rjb (> 1.4.0, < 1.6.0)
    naether (0.15.0-java)
      httpclient
    rake (10.4.2)
    rjb (1.5.3)
    thor (0.19.1)

PLATFORMS
  java
  ruby

DEPENDENCIES
  hdfs-viking!

BUNDLED WITH
   1.10.6
